GEM
  remote: https://rubygems.org/
  specs:
    diff-lcs (1.5.0)
    google-protobuf (3.21.12)
    pg_query (2.2.0)
      google-protobuf (>= 3.19.2)
    rake (13.0.6)
    rspec (3.12.0)
      rspec-core (~> 3.12.0)
      rspec-expectations (~> 3.12.0)
      rspec-mocks (~> 3.12.0)
    rspec-core (3.12.0)
      rspec-support (~> 3.12.0)
    rspec-expectations (3.12.1)
      diff-lcs (>= 1.2.0, < 2.0)
      rspec-support (~> 3.12.0)
    rspec-mocks (3.12.1)
      diff-lcs (>= 1.2.0, < 2.0)
      rspec-support (~> 3.12.0)
    rspec-support (3.12.0)

PLATFORMS
  ruby

DEPENDENCIES
  bundler (= 2.3.20)
  pg_query (>= 1.0, < 3)
  rake
  rspec

BUNDLED WITH
   2.3.20
