GEM
  remote: https://rubygems.org/
  specs:
    diff-lcs (1.4.4)
    google-protobuf (3.15.6)
    pg_query (2.0.1)
      google-protobuf (~> 3.15.5)
    rspec (3.10.0)
      rspec-core (~> 3.10.0)
      rspec-expectations (~> 3.10.0)
      rspec-mocks (~> 3.10.0)
    rspec-core (3.10.1)
      rspec-support (~> 3.10.0)
    rspec-expectations (3.10.1)
      diff-lcs (>= 1.2.0, < 2.0)
      rspec-support (~> 3.10.0)
    rspec-mocks (3.10.2)
      diff-lcs (>= 1.2.0, < 2.0)
      rspec-support (~> 3.10.0)
    rspec-support (3.10.2)

PLATFORMS
  ruby

DEPENDENCIES
  pg_query (>= 1.0, < 3)
  rspec

BUNDLED WITH
   2.1.4
