GEM
  remote: https://rubygems.org/
  specs:
    diff-lcs (1.5.0)
    google-protobuf (3.25.5)
    pg_query (4.2.3)
      google-protobuf (>= 3.22.3)
    rake (13.1.0)
    rspec (3.12.0)
      rspec-core (~> 3.12.0)
      rspec-expectations (~> 3.12.0)
      rspec-mocks (~> 3.12.0)
    rspec-core (3.12.2)
      rspec-support (~> 3.12.0)
    rspec-expectations (3.12.3)
      diff-lcs (>= 1.2.0, < 2.0)
      rspec-support (~> 3.12.0)
    rspec-mocks (3.12.6)
      diff-lcs (>= 1.2.0, < 2.0)
      rspec-support (~> 3.12.0)
    rspec-support (3.12.1)

PLATFORMS
  ruby

DEPENDENCIES
  pg_query (>= 1.0)
  rake
  rspec

BUNDLED WITH
   2.4.2
